FRAMEWORK: NET45, NET452

GROUP Analyzers
FRAMEWORK: NET45, NET452
NUGET
  remote: http://www.nuget.org/api/v2
    Desktop.Analyzers (1.1)
    Gu.Analyzers (0.1.11.20-dev)
    JetBrains.Annotations (10.4)
    StyleCop.Analyzers (1.0)
    WpfAnalyzers (0.2.7.8)

GROUP Benchmarks
FRAMEWORK: NET45, NET452
NUGET
  remote: http://www.nuget.org/api/v2
    BenchmarkDotNet (0.10.2)
      BenchmarkDotNet.Toolchains.Roslyn (>= 0.10.2)
    BenchmarkDotNet.Core (0.10.2)
      System.Threading.Tasks.Extensions (>= 4.0)
    BenchmarkDotNet.Diagnostics.Windows (0.10.2)
      BenchmarkDotNet (>= 0.10.2)
      Microsoft.Diagnostics.Tracing.TraceEvent (>= 1.0.41)
    BenchmarkDotNet.Toolchains.Roslyn (0.10.2)
      BenchmarkDotNet.Core (>= 0.10.2)
      Microsoft.CodeAnalysis.CSharp (>= 1.3.2)
      System.Threading.Tasks (>= 4.0)
    Microsoft.CodeAnalysis.Analyzers (1.1)
    Microsoft.CodeAnalysis.Common (1.3.2)
      Microsoft.CodeAnalysis.Analyzers (>= 1.1)
      System.Collections.Immutable (>= 1.1.37)
      System.Reflection.Metadata (>= 1.2)
    Microsoft.CodeAnalysis.CSharp (1.3.2)
      Microsoft.CodeAnalysis.Common (1.3.2)
    Microsoft.Diagnostics.Tracing.TraceEvent (1.0.41)
    System.Collections.Immutable (1.3.1)
    System.Reflection.Metadata (1.2)
      System.Collections.Immutable (>= 1.1.37)
    System.Threading.Tasks (4.3)
    System.Threading.Tasks.Extensions (4.3)

GROUP Test
FRAMEWORK: NET45, NET452
NUGET
  remote: http://www.nuget.org/api/v2
    Castle.Core (3.3.3)
    Gu.Units (0.10.1)
    Moq (4.5.30)
      Castle.Core (>= 3.3.3)
    NUnit (3.6)
    System.Collections.Immutable (1.3.1)
